GEM
  remote: http://rubygems.org/
  specs:
    formatafacil (0.1.1)
      formatafacil-templates
      gli
    formatafacil-templates (0.1.0)
    gli (2.13.1)
    json (1.8.3)
    rack (1.6.4)
    rack-protection (1.5.3)
      rack
    sinatra (1.4.6)
      rack (~> 1.4)
      rack-protection (~> 1.4)
      tilt (>= 1.3, < 3)
    tilt (2.0.1)

PLATFORMS
  ruby

DEPENDENCIES
  formatafacil
  formatafacil-templates
  json (= 1.8.3)
  sinatra (~> 1.4.6)
