GEM
  remote: http://rubygems.org/
  specs:
    daemons (1.2.3)
    erubis (2.7.0)
    eventmachine (1.0.8)
    formatafacil (0.2.4)
      formatafacil-templates
      gli
    formatafacil-templates (0.1.4)
    gli (2.13.4)
    json (1.8.3)
    rack (1.6.4)
    rack-protection (1.5.3)
      rack
    sinatra (1.4.6)
      rack (~> 1.4)
      rack-protection (~> 1.4)
      tilt (>= 1.3, < 3)
    thin (1.6.4)
      daemons (~> 1.0, >= 1.0.9)
      eventmachine (~> 1.0, >= 1.0.4)
      rack (~> 1.0)
    tilt (2.0.1)

PLATFORMS
  ruby

DEPENDENCIES
  erubis
  formatafacil
  formatafacil-templates
  json (= 1.8.3)
  sinatra (~> 1.4.6)
  thin
  tilt

BUNDLED WITH
   1.10.6
